PATH
  remote: .
  specs:
    datadog-rails (0.1.0)
      dogstatsd-ruby (~> 1.6.0)
      gem_config (~> 0.3.1)

GEM
  remote: https://rubygems.org/
  specs:
    byebug (8.2.2)
    coderay (1.1.1)
    dogstatsd-ruby (1.6.0)
    gem_config (0.3.1)
    method_source (0.8.2)
    pry (0.10.3)
      coderay (~> 1.1.0)
      method_source (~> 0.8.1)
      slop (~> 3.4)
    pry-byebug (3.3.0)
      byebug (~> 8.0)
      pry (~> 0.10)
    rake (10.5.0)
    slop (3.6.0)

PLATFORMS
  ruby

DEPENDENCIES
  bundler (~> 1.11.2)
  datadog-rails!
  pry-byebug (~> 3.3.0)
  rake (~> 10.5.0)

BUNDLED WITH
   1.11.2
